GIT
  remote: https://github.com/rails-api/active_model_serializers.git
  revision: 61412d80cabc3900dfbd886bc3f25fb0e0d39433
  specs:
    active_model_serializers (0.10.0.rc4)
      actionpack (>= 4.0)
      activemodel (>= 4.0)
      railties (>= 4.0)

GEM
  remote: https://rubygems.org/
  specs:
    actioncable (5.0.0.beta2)
      actionpack (= 5.0.0.beta2)
      nio4r (~> 1.2)
      websocket-driver (~> 0.6.1)
    actionmailer (5.0.0.beta2)
      actionpack (= 5.0.0.beta2)
      actionview (= 5.0.0.beta2)
      activejob (= 5.0.0.beta2)
      mail (~> 2.5, >= 2.5.4)
      rails-dom-testing (~> 1.0, >= 1.0.5)
    actionpack (5.0.0.beta2)
      actionview (= 5.0.0.beta2)
      activesupport (= 5.0.0.beta2)
      rack (~> 2.x)
      rack-test (~> 0.6.3)
      rails-dom-testing (~> 1.0, >= 1.0.5)
      rails-html-sanitizer (~> 1.0, >= 1.0.2)
    actionview (5.0.0.beta2)
      activesupport (= 5.0.0.beta2)
      builder (~> 3.1)
      erubis (~> 2.7.0)
      rails-dom-testing (~> 1.0, >= 1.0.5)
      rails-html-sanitizer (~> 1.0, >= 1.0.2)
    activejob (5.0.0.beta2)
      activesupport (= 5.0.0.beta2)
      globalid (>= 0.3.6)
    activemodel (5.0.0.beta2)
      activesupport (= 5.0.0.beta2)
    activerecord (5.0.0.beta2)
      activemodel (= 5.0.0.beta2)
      activesupport (= 5.0.0.beta2)
      arel (~> 7.0)
    activesupport (5.0.0.beta2)
      concurrent-ruby (~> 1.0)
      i18n (~> 0.7)
      json (~> 1.7, >= 1.7.7)
      method_source
      minitest (~> 5.1)
      tzinfo (~> 1.1)
    arel (7.0.0)
    aws-sdk (2.2.31)
      aws-sdk-resources (= 2.2.31)
    aws-sdk-core (2.2.31)
      jmespath (~> 1.0)
    aws-sdk-resources (2.2.31)
      aws-sdk-core (= 2.2.31)
    bcrypt (3.1.10)
    builder (3.2.2)
    byebug (8.2.2)
    climate_control (0.0.3)
      activesupport (>= 3.0)
    cocaine (0.5.8)
      climate_control (>= 0.0.3, < 1.0)
    concurrent-ruby (1.0.0)
    erubis (2.7.0)
    fakes3 (0.2.4)
      builder
      thor
    globalid (0.3.6)
      activesupport (>= 4.1.0)
    i18n (0.7.0)
    jmespath (1.2.3)
      json_pure (>= 1.8.1)
    json (1.8.3)
    json_pure (1.8.3)
    jwt (1.5.2)
    knock (1.4.2)
      bcrypt (~> 3.1)
      jwt (~> 1.5)
      rails (>= 4.2)
    loofah (2.0.3)
      nokogiri (>= 1.5.9)
    mail (2.6.3)
      mime-types (>= 1.16, < 3)
    method_source (0.8.2)
    mime-types (2.99)
    mimemagic (0.3.1)
    mini_portile2 (2.0.0)
    minitest (5.8.4)
    nio4r (1.2.1)
    nokogiri (1.6.7.2)
      mini_portile2 (~> 2.0.0.rc2)
    paperclip (5.0.0.beta1)
      activemodel (>= 4.2.0)
      activesupport (>= 4.2.0)
      cocaine (~> 0.5.5)
      mime-types
      mimemagic (~> 0.3.0)
    pg (0.18.4)
    puma (2.16.0)
    rack (2.0.0.alpha)
      json
    rack-cors (0.4.0)
    rack-test (0.6.3)
      rack (>= 1.0)
    rails (5.0.0.beta2)
      actioncable (= 5.0.0.beta2)
      actionmailer (= 5.0.0.beta2)
      actionpack (= 5.0.0.beta2)
      actionview (= 5.0.0.beta2)
      activejob (= 5.0.0.beta2)
      activemodel (= 5.0.0.beta2)
      activerecord (= 5.0.0.beta2)
      activesupport (= 5.0.0.beta2)
      bundler (>= 1.3.0, < 2.0)
      railties (= 5.0.0.beta2)
      sprockets-rails (>= 2.0.0)
    rails-deprecated_sanitizer (1.0.3)
      activesupport (>= 4.2.0.alpha)
    rails-dom-testing (1.0.7)
      activesupport (>= 4.2.0.beta, < 5.0)
      nokogiri (~> 1.6.0)
      rails-deprecated_sanitizer (>= 1.0.1)
    rails-html-sanitizer (1.0.3)
      loofah (~> 2.0)
    railties (5.0.0.beta2)
      actionpack (= 5.0.0.beta2)
      activesupport (= 5.0.0.beta2)
      method_source
      rake (>= 0.8.7)
      thor (>= 0.18.1, < 2.0)
    rake (10.5.0)
    spring (1.6.3)
    sprockets (3.5.2)
      concurrent-ruby (~> 1.0)
      rack (> 1, < 3)
    sprockets-rails (3.0.1)
      actionpack (>= 4.0)
      activesupport (>= 4.0)
      sprockets (>= 3.0.0)
    thor (0.19.1)
    thread_safe (0.3.5)
    tzinfo (1.2.2)
      thread_safe (~> 0.1)
    websocket-driver (0.6.3)
      websocket-extensions (>= 0.1.0)
    websocket-extensions (0.1.2)

PLATFORMS
  ruby

DEPENDENCIES
  active_model_serializers!
  aws-sdk (~> 2.2.31)
  bcrypt (~> 3.1.7)
  byebug
  fakes3
  knock (~> 1.4.2)
  paperclip (~> 5.0.0.beta1)
  pg (~> 0.18)
  puma
  rack-cors
  rails (>= 5.0.0.beta2, < 5.1)
  spring
  tzinfo-data

BUNDLED WITH
   1.11.2
